GEM
  remote: https://rubygems.org/
  specs:
    ansi (1.5.0)
    builder (3.2.3)
    foreman (0.82.0)
      thor (~> 0.19.1)
    minitest (5.10.1)
    minitest-reporters (1.1.13)
      ansi
      builder
      minitest (>= 5.0)
      ruby-progressbar
    puma (3.6.2)
    rack (1.6.5)
    rack-test (0.6.3)
      rack (>= 1.0)
    ruby-progressbar (1.8.1)
    thor (0.19.4)

PLATFORMS
  ruby

DEPENDENCIES
  foreman
  minitest-reporters
  puma
  rack
  rack-test

BUNDLED WITH
   1.13.7
