GEM
  remote: https://rubygems.org/
  specs:
    ansi (1.5.0)
    ast (2.3.0)
    builder (3.2.3)
    foreman (0.82.0)
      thor (~> 0.19.1)
    minitest (5.10.1)
    minitest-reporters (1.1.13)
      ansi
      builder
      minitest (>= 5.0)
      ruby-progressbar
    parser (2.3.3.1)
      ast (~> 2.2)
    powerpack (0.1.1)
    puma (3.6.2)
    rack (1.6.5)
    rack-test (0.6.3)
      rack (>= 1.0)
    rainbow (2.2.1)
    rake (12.0.0)
    rubocop (0.47.0)
      parser (>= 2.3.3.1, < 3.0)
      powerpack (~> 0.1)
      rainbow (>= 1.99.1, < 3.0)
      ruby-progressbar (~> 1.7)
      unicode-display_width (~> 1.0, >= 1.0.1)
    ruby-progressbar (1.8.1)
    thor (0.19.4)
    unicode-display_width (1.1.3)

PLATFORMS
  ruby

DEPENDENCIES
  foreman
  minitest-reporters
  puma
  rack
  rack-test
  rake
  rubocop

BUNDLED WITH
   1.13.7
